NRRD0004
# Complete NRRD file format specification at:
# http://teem.sourceforge.net/nrrd/format.html
type: unsigned char
dimension: 3
space: left-posterior-superior
sizes: 256 256 178
space directions: (1,0,0) (0,1,0) (0,0,1)
kinds: domain domain domain
encoding: raw
space origin: (-128,-128,-89)
data file: boston_teapot.raw
